GEM
  remote: https://rubygems.org/
  specs:
    addressable (2.8.0)
      public_suffix (>= 2.0.2, < 5.0)
    down (5.3.1)
      addressable (~> 2.8)
    kramdown (1.13.2)
    public_suffix (4.0.7)
    rouge (2.0.7)
    semverly (1.0.0)

PLATFORMS
  ruby

DEPENDENCIES
  down (~> 5.3.1)
  kramdown (~> 1.13.0)
  rouge (~> 2.0.0)
  semverly (~> 1.0.0)

BUNDLED WITH
   2.3.9
